GEM
  remote: https://rubygems.org/
  specs:
    coderay (1.1.3)
    daemons (1.4.1)
    eventmachine (1.2.7)
    faye-websocket (0.11.3)
      eventmachine (>= 0.12.0)
      websocket-driver (>= 0.5.1)
    method_source (1.0.0)
    pry (0.14.2)
      coderay (~> 1.1)
      method_source (~> 1.0)
    rack (2.2.8.1)
    rackup (1.0.0)
      rack (< 3)
      webrick
    rainbow (3.1.1)
    thin (1.8.2)
      daemons (~> 1.0, >= 1.0.9)
      eventmachine (~> 1.0, >= 1.0.4)
      rack (>= 1, < 3)
    webrick (1.8.1)
    websocket-driver (0.7.6)
      websocket-extensions (>= 0.1.0)
    websocket-extensions (0.1.5)

PLATFORMS
  x86_64-linux

DEPENDENCIES
  faye-websocket
  pry
  rack
  rackup
  rainbow
  thin

BUNDLED WITH
   2.4.19
